GEM
  remote: https://rubygems.org/
  specs:
    chronic (0.10.2)
    fileutils (1.7.2)
    logger (1.6.0)
    mysql2 (0.5.5)
    whenever (1.0.0)
      chronic (>= 0.6.3)

PLATFORMS
  arm64-darwin-23

DEPENDENCIES
  fileutils
  logger
  mysql2
  whenever

BUNDLED WITH
   2.4.21
